GIT
  remote: https://github.com/mitchellh/vagrant.git
  revision: a40522f5fabccb9ddabad03d836e120ff5d14093
  tag: v1.3.5
  specs:
    vagrant (1.3.5)
      childprocess (~> 0.3.7)
      erubis (~> 2.7.0)
      i18n (~> 0.6.0)
      log4r (~> 1.1.9)
      net-scp (~> 1.1.0)
      net-ssh (~> 2.6.6)

GEM
  remote: https://rubygems.org/
  specs:
    CFPropertyList (2.0.17)
      libxml-ruby (>= 1.1.0)
      rake (>= 0.7.0)
    Platform (0.4.0)
    akami (1.3.1)
      gyoku (>= 0.4.0)
      nokogiri
    ansi (1.3.0)
    builder (3.2.3)
    childprocess (0.3.9)
      ffi (~> 1.0, >= 1.0.11)
    diff-lcs (1.3)
    em-winrm (0.5.5)
      eventmachine (~> 1.0.0)
      mixlib-log (>= 1.3.0)
      uuidtools (~> 2.1.1)
      winrm (~> 1.1.2)
    erubis (2.7.0)
    eventmachine (1.0.9.1)
    excon (0.54.0)
    ffi (1.9.17)
    fission (0.4.0)
      CFPropertyList (~> 2.0.17)
    fog (1.38.0)
      fog-aliyun (>= 0.1.0)
      fog-atmos
      fog-aws (>= 0.6.0)
      fog-brightbox (~> 0.4)
      fog-cloudatcost (~> 0.1.0)
      fog-core (~> 1.32)
      fog-dynect (~> 0.0.2)
      fog-ecloud (~> 0.1)
      fog-google (<= 0.1.0)
      fog-json
      fog-local
      fog-openstack
      fog-powerdns (>= 0.1.1)
      fog-profitbricks
      fog-rackspace
      fog-radosgw (>= 0.0.2)
      fog-riakcs
      fog-sakuracloud (>= 0.0.4)
      fog-serverlove
      fog-softlayer
      fog-storm_on_demand
      fog-terremark
      fog-vmfusion
      fog-voxel
      fog-vsphere (>= 0.4.0)
      fog-xenserver
      fog-xml (~> 0.1.1)
      ipaddress (~> 0.5)
    fog-aliyun (0.1.0)
      fog-core (~> 1.27)
      fog-json (~> 1.0)
      ipaddress (~> 0.8)
      xml-simple (~> 1.1)
    fog-atmos (0.1.0)
      fog-core
      fog-xml
    fog-aws (1.2.0)
      fog-core (~> 1.38)
      fog-json (~> 1.0)
      fog-xml (~> 0.1)
      ipaddress (~> 0.8)
    fog-brightbox (0.11.0)
      fog-core (~> 1.22)
      fog-json
      inflecto (~> 0.0.2)
    fog-cloudatcost (0.1.2)
      fog-core (~> 1.36)
      fog-json (~> 1.0)
      fog-xml (~> 0.1)
      ipaddress (~> 0.8)
    fog-core (1.43.0)
      builder
      excon (~> 0.49)
      formatador (~> 0.2)
    fog-dynect (0.0.3)
      fog-core
      fog-json
      fog-xml
    fog-ecloud (0.3.0)
      fog-core
      fog-xml
    fog-google (0.1.0)
      fog-core
      fog-json
      fog-xml
    fog-json (1.0.2)
      fog-core (~> 1.0)
      multi_json (~> 1.10)
    fog-local (0.3.1)
      fog-core (~> 1.27)
    fog-openstack (0.1.19)
      fog-core (>= 1.40)
      fog-json (>= 1.0)
      ipaddress (>= 0.8)
    fog-powerdns (0.1.1)
      fog-core (~> 1.27)
      fog-json (~> 1.0)
      fog-xml (~> 0.1)
    fog-profitbricks (3.0.0)
      fog-core (~> 1.42)
      fog-json (~> 1.0)
    fog-rackspace (0.1.4)
      fog-core (>= 1.35)
      fog-json (>= 1.0)
      fog-xml (>= 0.1)
      ipaddress (>= 0.8)
    fog-radosgw (0.0.5)
      fog-core (>= 1.21.0)
      fog-json
      fog-xml (>= 0.0.1)
    fog-riakcs (0.1.0)
      fog-core
      fog-json
      fog-xml
    fog-sakuracloud (1.7.5)
      fog-core
      fog-json
    fog-serverlove (0.1.2)
      fog-core
      fog-json
    fog-softlayer (1.1.4)
      fog-core
      fog-json
    fog-storm_on_demand (0.1.1)
      fog-core
      fog-json
    fog-terremark (0.1.0)
      fog-core
      fog-xml
    fog-vmfusion (0.1.0)
      fission
      fog-core
    fog-voxel (0.1.0)
      fog-core
      fog-xml
    fog-vsphere (1.7.0)
      fog-core
      rbvmomi (~> 1.9)
    fog-xenserver (0.2.3)
      fog-core
      fog-xml
    fog-xml (0.1.2)
      fog-core
      nokogiri (~> 1.5, >= 1.5.11)
    formatador (0.2.5)
    grit (2.5.0)
      diff-lcs (~> 1.1)
      mime-types (~> 1.15)
      posix-spawn (~> 0.3.6)
    gssapi (1.0.3)
      ffi (>= 1.0.1)
    gyoku (1.3.1)
      builder (>= 2.1.2)
    highline (1.7.8)
    httpclient (2.8.3)
    httpi (0.9.7)
      rack
    i18n (0.6.11)
    inflecto (0.0.2)
    ipaddress (0.8.3)
    json (2.0.3)
    libxml-ruby (2.9.0)
    little-plugger (1.1.4)
    log4r (1.1.10)
    logging (1.8.2)
      little-plugger (>= 1.1.3)
      multi_json (>= 1.8.4)
    mime-types (1.25.1)
    mini_portile2 (2.1.0)
    mixlib-log (1.7.1)
    multi_json (1.12.1)
    net-scp (1.1.2)
      net-ssh (>= 2.6.5)
    net-ssh (2.6.8)
    nokogiri (1.7.0.1)
      mini_portile2 (~> 2.1.0)
    nori (1.1.5)
    open4 (1.3.4)
    os (0.9.6)
    popen4 (0.1.2)
      Platform (>= 0.4.0)
      open4 (>= 0.4.0)
    posix-spawn (0.3.13)
    progressbar (1.8.2)
    rack (2.0.1)
    rake (12.0.0)
    rbvmomi (1.9.4)
      builder (~> 3.2)
      json (>= 1.8)
      nokogiri (~> 1.5)
      trollop (~> 2.1)
    ruby-vnc (1.0.1)
    rubyntlm (0.1.1)
    savon (0.9.5)
      akami (~> 1.0)
      builder (>= 2.1.2)
      gyoku (>= 0.4.0)
      httpi (~> 0.9)
      nokogiri (>= 1.4.0)
      nori (~> 1.0)
      wasabi (~> 1.0)
    thor (0.19.4)
    trollop (2.1.2)
    uuidtools (2.1.5)
    vagrant-windows (1.2.3)
      winrm (~> 1.1.1)
    veewee (0.3.12)
      ansi (~> 1.3.0)
      childprocess
      fission (= 0.4.0)
      fog (~> 1.8)
      grit
      highline
      i18n
      json
      net-ssh (>= 2.2.0)
      os (~> 0.9.6)
      popen4 (~> 0.1.2)
      progressbar
      ruby-vnc (~> 1.0.0)
      thor (~> 0.15)
    wasabi (1.0.0)
      nokogiri (>= 1.4.0)
    winrm (1.1.3)
      gssapi (~> 1.0.0)
      httpclient (~> 2.2, >= 2.2.0.2)
      logging (~> 1.6, >= 1.6.1)
      nokogiri (~> 1.5)
      rubyntlm (~> 0.1.1)
      savon (= 0.9.5)
      uuidtools (~> 2.1.2)
    xml-simple (1.1.5)

PLATFORMS
  ruby

DEPENDENCIES
  em-winrm
  rake
  vagrant!
  vagrant-windows (~> 1.2.1)
  veewee (~> 0.3.12)

BUNDLED WITH
   1.13.6
